NUGET
  remote: https://www.nuget.org/api/v2
  specs:
    FsBlog (1.0.1-alpha)
